REDIRECTS: ON
RESTRICTION: || (== net35) (== net40) (== net45) (== net451) (== net452)
NUGET
  remote: https://www.nuget.org/api/v2
    Barb (1.0.5)
    FAKE (4.63)
    FSharp.Compiler.Service (2.0.0.6)
    FSharp.Formatting (2.14.4)
      FSharp.Compiler.Service (2.0.0.6)
      FSharpVSPowerTools.Core (>= 2.3 < 2.4)
    FSharp.Quotations.Evaluator (1.0.7)
    FSharpVSPowerTools.Core (2.3)
      FSharp.Compiler.Service (>= 2.0.0.3)
    Microsoft.Bcl (1.1.10) - restriction: || (== net35) (&& (== net35) (== net40)) (&& (== net35) (== net45)) (&& (== net35) (== net451)) (&& (== net35) (== net452)) (== net40) (&& (== net40) (== net45)) (&& (== net40) (== net451)) (&& (== net40) (== net452)) (&& (== net451) (== net452) (< net45) (< portable-win81+wpa81)) (&& (== net451) (< net45) (< portable-win81+wpa81)) (&& (== net452) (< net45) (< portable-win81+wpa81))
      Microsoft.Bcl.Build (>= 1.0.14)
    Microsoft.Bcl.Build (1.0.21) - import_targets: false, restriction: || (== net35) (&& (== net35) (== net40)) (&& (== net35) (== net45)) (&& (== net35) (== net451)) (&& (== net35) (== net452)) (== net40) (&& (== net40) (== net45)) (&& (== net40) (== net451)) (&& (== net40) (== net452)) (&& (== net451) (== net452) (< net45) (< portable-win81+wpa81)) (&& (== net451) (< net45) (< portable-win81+wpa81)) (&& (== net452) (< net45) (< portable-win81+wpa81))
    Microsoft.Net.Http (2.2.29) - restriction: || (== net35) (&& (== net35) (== net40)) (&& (== net35) (== net45)) (&& (== net35) (== net451)) (&& (== net35) (== net452)) (== net40) (&& (== net40) (== net45)) (&& (== net40) (== net451)) (&& (== net40) (== net452)) (&& (== net451) (== net452) (< net45) (< portable-win81+wpa81)) (&& (== net451) (< net45) (< portable-win81+wpa81)) (&& (== net452) (< net45) (< portable-win81+wpa81))
      Microsoft.Bcl (>= 1.1.10)
      Microsoft.Bcl.Build (>= 1.0.14)
    Octokit (0.24)
      Microsoft.Net.Http  - restriction: || (== net35) (== net40) (&& (== net451) (< net45) (< portable-win81+wpa81)) (&& (== net452) (< net45) (< portable-win81+wpa81))
    SourceLink.Fake (1.1)
    xunit (2.0)
      xunit.assert (2.0)
      xunit.core (2.0)
    xunit.abstractions (2.0)
    xunit.assert (2.0)
    xunit.core (2.0)
      xunit.extensibility.core (2.0)
    xunit.extensibility.core (2.0)
      xunit.abstractions (2.0)
    xunit.runner.console (2.2)
    xunit.runner.visualstudio (2.1.0) - version_in_path: true
GITHUB
  remote: fsharp/FAKE
    modules/Octokit/Octokit.fsx (291f58cc70aba6dd871cf18e66d2d88357e4f208)
      Octokit (>= 0.20)